GEM
  remote: http://rubygems.org/
  specs:
    diff-lcs (1.1.2)
    facets (2.8.4)
    fattr (2.1.0)
    git (1.2.5)
    jeweler (1.5.1)
      bundler (~> 1.0.0)
      git (>= 1.2.5)
      rake
    mharris_ext (1.5.0)
      facets
      fattr
    rake (0.8.7)
    rspec (2.2.0)
      rspec-core (~> 2.2)
      rspec-expectations (~> 2.2)
      rspec-mocks (~> 2.2)
    rspec-core (2.2.1)
    rspec-expectations (2.2.0)
      diff-lcs (~> 1.1.2)
    rspec-mocks (2.2.0)

PLATFORMS
  x86-mingw32

DEPENDENCIES
  bundler (~> 1.0.0)
  fattr
  jeweler (~> 1.5.1)
  mharris_ext
  rspec (~> 2.2.0)
